GEM
  remote: http://rubygems.org/
  specs:
    cgi (0.3.2)
    erb (2.2.3)
      cgi
    mail (2.7.1)
      mini_mime (>= 0.1.1)
    mini_mime (1.1.2)
    mustermann (2.0.2)
      ruby2_keywords (~> 0.0.1)
    rack (2.2.4)
    rack-protection (2.2.2)
      rack
    ruby2_keywords (0.0.5)
    sinatra (2.2.2)
      mustermann (~> 2.0)
      rack (~> 2.2)
      rack-protection (= 2.2.2)
      tilt (~> 2.0)
    tilt (2.0.11)

PLATFORMS
  ruby

DEPENDENCIES
  erb
  mail
  sinatra

RUBY VERSION
   ruby 2.6.6p146

BUNDLED WITH
   1.17.2
